GIT
  remote: https://github.com/openbookie/football.db.market.git
  revision: 09d7ec7bb9272763dd06920bd2c2428d1cbef250
  specs:
    sportdb-data-market (9.9.9)

GIT
  remote: https://github.com/openfootball/at-austria.git
  revision: 7204226008dd41211a9ee78e89bf631bf1673356
  specs:
    sportdb-data-at (9.9.9)

GIT
  remote: https://github.com/openfootball/de-deutschland.git
  revision: 0acde4d0974c00953b3c05ed464f3c1f0c8fe843
  specs:
    sportdb-data-de (9.9.9)

GIT
  remote: https://github.com/openfootball/europe.git
  revision: df9d4397bd1744cba14eba54eca6015d8399bfb9
  specs:
    sportdb-data-europe (9.9.9)

GIT
  remote: https://github.com/openfootball/world-cup.git
  revision: 3370fc88825888f9ca25ac5897f4f63cbc6ebb6a
  specs:
    sportdb-data-world-cup (9.9.9)

GIT
  remote: https://github.com/openmundi/world.db.git
  revision: d7f29db6d8fd70cf68c365a80f09cdb548e372bb
  specs:
    worlddb-data (9.9.9)

GIT
  remote: https://github.com/sportlogos/football.db.logos.ruby.git
  revision: d850fddfc09ca7c61aa2844b961bbca8e0c6c718
  specs:
    footballdb-logos (0.1.0)

GIT
  remote: https://github.com/sportlogos/sport.db.logos.ruby.git
  revision: 9ec090009312cc8c4a575c9350532a59e1435a24
  specs:
    sportdb-logos (0.1.0)

GEM
  remote: https://rubygems.org/
  specs:
    actionmailer (3.2.12)
      actionpack (= 3.2.12)
      mail (~> 2.4.4)
    actionpack (3.2.12)
      activemodel (= 3.2.12)
      activesupport (= 3.2.12)
      builder (~> 3.0.0)
      erubis (~> 2.7.0)
      journey (~> 1.0.4)
      rack (~> 1.4.5)
      rack-cache (~> 1.2)
      rack-test (~> 0.6.1)
      sprockets (~> 2.2.1)
    activemodel (3.2.12)
      activesupport (= 3.2.12)
      builder (~> 3.0.0)
    activerecord (3.2.12)
      activemodel (= 3.2.12)
      activesupport (= 3.2.12)
      arel (~> 3.0.2)
      tzinfo (~> 0.3.29)
    activeresource (3.2.12)
      activemodel (= 3.2.12)
      activesupport (= 3.2.12)
    activesupport (3.2.12)
      i18n (~> 0.6)
      multi_json (~> 1.0)
    annotate (2.4.1.beta1)
    arel (3.0.2)
    bcrypt-ruby (3.0.1)
    bcrypt-ruby (3.0.1-x86-mingw32)
    bourbon (1.4.0)
      sass (>= 3.1)
    builder (3.0.4)
    coffee-rails (3.2.2)
      coffee-script (>= 2.2.0)
      railties (~> 3.2.0)
    coffee-script (2.2.0)
      coffee-script-source
      execjs
    coffee-script-source (1.6.3)
    commander (4.1.5)
      highline (~> 1.6.11)
    daemons (1.1.9)
    erubis (2.7.0)
    eventmachine (1.0.3)
    eventmachine (1.0.3-x86-mingw32)
    execjs (2.0.1)
    fetcher (0.4.0)
      logutils (>= 0.6)
    gli (2.8.0)
    highline (1.6.19)
    hike (1.2.3)
    i18n (0.6.5)
    journey (1.0.4)
    jquery-rails (3.0.4)
      railties (>= 3.0, < 5.0)
      thor (>= 0.14, < 2.0)
    json (1.8.0)
    kramdown (1.2.0)
    logutils (0.6.0)
    mail (2.4.4)
      i18n (>= 0.4.0)
      mime-types (~> 1.16)
      treetop (~> 1.4.8)
    mime-types (1.25)
    multi_json (1.8.0)
    pg (0.17.0)
    pg (0.17.0-x86-mingw32)
    polyglot (0.3.3)
    rack (1.4.5)
    rack-cache (1.2)
      rack (>= 0.4)
    rack-ssl (1.3.3)
      rack
    rack-test (0.6.2)
      rack (>= 1.0)
    rails (3.2.12)
      actionmailer (= 3.2.12)
      actionpack (= 3.2.12)
      activerecord (= 3.2.12)
      activeresource (= 3.2.12)
      activesupport (= 3.2.12)
      bundler (~> 1.0)
      railties (= 3.2.12)
    rails-i18n (0.7.4)
      i18n (~> 0.5)
    railties (3.2.12)
      actionpack (= 3.2.12)
      activesupport (= 3.2.12)
      rack-ssl (~> 1.3.2)
      rake (>= 0.8.7)
      rdoc (~> 3.4)
      thor (>= 0.14.6, < 2.0)
    rake (10.1.0)
    rdoc (3.12.2)
      json (~> 1.4)
    ri_cal (0.8.8)
    sass (3.2.10)
    sass-rails (3.2.6)
      railties (~> 3.2.0)
      sass (>= 3.1.10)
      tilt (~> 1.3)
    sportdb (1.7.5)
      fetcher (>= 0.3)
      gli (>= 2.5.6)
      worlddb (>= 1.7)
    sportdb-admin (0.3.0)
    sportdb-market (0.5.0)
    sportdb-play (0.2.0)
    sprockets (2.2.2)
      hike (~> 1.2)
      multi_json (~> 1.0)
      rack (~> 1.0)
      tilt (~> 1.1, != 1.3.0)
    sqlite3 (1.3.8)
    sqlite3 (1.3.8-x86-mingw32)
    textutils (0.6.8)
      logutils (~> 0.5)
    thin (1.5.1)
      daemons (>= 1.0.9)
      eventmachine (>= 0.12.6)
      rack (>= 1.0.0)
    thor (0.18.1)
    tilt (1.4.1)
    treetop (1.4.15)
      polyglot
      polyglot (>= 0.3.1)
    tzinfo (0.3.37)
    uglifier (2.2.1)
      execjs (>= 0.3.0)
      multi_json (~> 1.0, >= 1.0.2)
    worlddb (1.7.2)
      activerecord (~> 3.2)
      commander (~> 4.1.3)
      textutils (~> 0.6)
    worlddb-admin (0.1.1)
    worlddb-flags (0.1.0)

PLATFORMS
  ruby
  x86-mingw32

DEPENDENCIES
  annotate (~> 2.4.1.beta)
  bcrypt-ruby (~> 3.0.0)
  bourbon (= 1.4.0)
  coffee-rails (~> 3.2.1)
  footballdb-logos (= 0.1.0)!
  jquery-rails
  kramdown
  pg
  rails (= 3.2.12)
  rails-i18n
  ri_cal
  sass-rails (~> 3.2.3)
  sportdb (= 1.7.5)
  sportdb-admin (= 0.3.0)
  sportdb-data-at (= 9.9.9)!
  sportdb-data-de (= 9.9.9)!
  sportdb-data-europe (= 9.9.9)!
  sportdb-data-market (= 9.9.9)!
  sportdb-data-world-cup (= 9.9.9)!
  sportdb-logos (= 0.1.0)!
  sportdb-market (= 0.5.0)
  sportdb-play (= 0.2.0)
  sqlite3
  thin
  uglifier (>= 1.0.3)
  worlddb (= 1.7.2)
  worlddb-admin (= 0.1.1)
  worlddb-data (= 9.9.9)!
  worlddb-flags (= 0.1.0)
