GIT
  remote: https://github.com/geraldb/world.db.git
  revision: a81caaf4f8326d74e3c04e0c2607f797b9ed6f88
  specs:
    worlddb-data (9.9.9)

GIT
  remote: https://github.com/openfootball/at-austria.git
  revision: e8622bbe72c0ef854335c314784853d28ac208d1
  specs:
    sportdb-data-at (9.9.9)

GIT
  remote: https://github.com/openfootball/world.git
  revision: 15624e61ed302a304bbdb4240be3e1cfd94481e7
  specs:
    sportdb-data-world (9.9.9)

GEM
  remote: https://rubygems.org/
  specs:
    actionmailer (3.2.12)
      actionpack (= 3.2.12)
      mail (~> 2.4.4)
    actionpack (3.2.12)
      activemodel (= 3.2.12)
      activesupport (= 3.2.12)
      builder (~> 3.0.0)
      erubis (~> 2.7.0)
      journey (~> 1.0.4)
      rack (~> 1.4.5)
      rack-cache (~> 1.2)
      rack-test (~> 0.6.1)
      sprockets (~> 2.2.1)
    activemodel (3.2.12)
      activesupport (= 3.2.12)
      builder (~> 3.0.0)
    activerecord (3.2.12)
      activemodel (= 3.2.12)
      activesupport (= 3.2.12)
      arel (~> 3.0.2)
      tzinfo (~> 0.3.29)
    activeresource (3.2.12)
      activemodel (= 3.2.12)
      activesupport (= 3.2.12)
    activesupport (3.2.12)
      i18n (~> 0.6)
      multi_json (~> 1.0)
    annotate (2.4.1.beta1)
    arel (3.0.2)
    bcrypt-ruby (3.0.1-x86-mingw32)
    bourbon (1.4.0)
      sass (>= 3.1)
    builder (3.0.4)
    coffee-rails (3.2.2)
      coffee-script (>= 2.2.0)
      railties (~> 3.2.0)
    coffee-script (2.2.0)
      coffee-script-source
      execjs
    coffee-script-source (1.6.3)
    commander (4.1.3)
      highline (~> 1.6.11)
    daemons (1.1.9)
    erubis (2.7.0)
    eventmachine (1.0.3-x86-mingw32)
    execjs (1.4.0)
      multi_json (~> 1.0)
    gli (2.7.0)
    highline (1.6.19)
    hike (1.2.3)
    i18n (0.6.4)
    journey (1.0.4)
    jquery-rails (3.0.2)
      railties (>= 3.0, < 5.0)
      thor (>= 0.14, < 2.0)
    json (1.8.0)
    kramdown (1.1.0)
    logutils (0.6.0)
    mail (2.4.4)
      i18n (>= 0.4.0)
      mime-types (~> 1.16)
      treetop (~> 1.4.8)
    mime-types (1.23)
    multi_json (1.7.7)
    pg (0.15.1-x86-mingw32)
    polyglot (0.3.3)
    rack (1.4.5)
    rack-cache (1.2)
      rack (>= 0.4)
    rack-ssl (1.3.3)
      rack
    rack-test (0.6.2)
      rack (>= 1.0)
    rails (3.2.12)
      actionmailer (= 3.2.12)
      actionpack (= 3.2.12)
      activerecord (= 3.2.12)
      activeresource (= 3.2.12)
      activesupport (= 3.2.12)
      bundler (~> 1.0)
      railties (= 3.2.12)
    rails-i18n (0.7.4)
      i18n (~> 0.5)
    railties (3.2.12)
      actionpack (= 3.2.12)
      activesupport (= 3.2.12)
      rack-ssl (~> 1.3.2)
      rake (>= 0.8.7)
      rdoc (~> 3.4)
      thor (>= 0.14.6, < 2.0)
    rake (10.1.0)
    rdoc (3.12.2)
      json (~> 1.4)
    ri_cal (0.8.8)
    sass (3.2.9)
    sass-rails (3.2.6)
      railties (~> 3.2.0)
      sass (>= 3.1.10)
      tilt (~> 1.3)
    sportdb (1.6.18)
      gli (>= 2.5.6)
      worlddb (~> 1.7)
    sportdb-market (0.3.0)
    sportdb-play (0.2.0)
    sprockets (2.2.2)
      hike (~> 1.2)
      multi_json (~> 1.0)
      rack (~> 1.0)
      tilt (~> 1.1, != 1.3.0)
    sqlite3 (1.3.7-x86-mingw32)
    textutils (0.6.6)
      logutils (~> 0.5)
    thin (1.5.1)
      daemons (>= 1.0.9)
      eventmachine (>= 0.12.6)
      rack (>= 1.0.0)
    thor (0.18.1)
    tilt (1.4.1)
    treetop (1.4.14)
      polyglot
      polyglot (>= 0.3.1)
    tzinfo (0.3.37)
    uglifier (2.1.1)
      execjs (>= 0.3.0)
      multi_json (~> 1.0, >= 1.0.2)
    worlddb (1.7.2)
      activerecord (~> 3.2)
      commander (~> 4.1.3)
      textutils (~> 0.6)

PLATFORMS
  x86-mingw32

DEPENDENCIES
  annotate (~> 2.4.1.beta)
  bcrypt-ruby (~> 3.0.0)
  bourbon (= 1.4.0)
  coffee-rails (~> 3.2.1)
  jquery-rails
  kramdown
  logutils (= 0.6.0)
  pg
  rails (= 3.2.12)
  rails-i18n
  ri_cal
  sass-rails (~> 3.2.3)
  sportdb (= 1.6.18)
  sportdb-data-at (= 9.9.9)!
  sportdb-data-world (= 9.9.9)!
  sportdb-market (= 0.3.0)
  sportdb-play (= 0.2.0)
  sqlite3
  textutils (= 0.6.6)
  thin
  uglifier (>= 1.0.3)
  worlddb (= 1.7.2)
  worlddb-data (= 9.9.9)!
